GIT
  remote: git://github.com/uken/fluent-plugin-elasticsearch.git
  revision: 6a7f11150d7c942158b1bf66d3649edcc23c33b9
  specs:
    fluent-plugin-elasticsearch (0.4.0)
      elasticsearch (~> 0)
      fluentd (~> 0)
      patron (~> 0)

GEM
  remote: https://rubygems.org/
  specs:
    cool.io (1.2.4)
    elasticsearch (0.4.11)
      elasticsearch-api (= 0.4.11)
      elasticsearch-transport (= 0.4.11)
    elasticsearch-api (0.4.11)
      multi_json
    elasticsearch-transport (0.4.11)
      faraday
      multi_json
    faraday (0.9.0)
      multipart-post (>= 1.2, < 3)
    fluentd (0.10.52)
      cool.io (>= 1.1.1, < 2.0.0, != 1.2.0)
      http_parser.rb (>= 0.5.1, < 0.7.0)
      json (>= 1.4.3)
      msgpack (>= 0.4.4, < 0.6.0, != 0.5.3, != 0.5.2, != 0.5.1, != 0.5.0)
      sigdump (~> 0.2.2)
      yajl-ruby (~> 1.0)
    http_parser.rb (0.6.0)
    json (1.8.1)
    msgpack (0.5.8)
    multi_json (1.10.1)
    multipart-post (2.0.0)
    patron (0.4.18)
    sigdump (0.2.2)
    yajl-ruby (1.2.1)

PLATFORMS
  ruby

DEPENDENCIES
  fluent-plugin-elasticsearch!
  fluentd (~> 0.10.48)
